GEM
  remote: https://rubygems.org/
  specs:
    addressable (2.7.0)
      public_suffix (>= 2.0.2, < 5.0)
    bibmarkdown (2.0.0)
      citeproc-ruby
      csl-styles
    bibtex-ruby (5.1.5)
      latex-decode (~> 0.0)
    citeproc (1.0.10)
      namae (~> 1.0)
    citeproc-ruby (1.1.12)
      citeproc (~> 1.0, >= 1.0.9)
      csl (~> 1.5)
    coderay (1.1.3)
    colored (1.2)
    concurrent-ruby (1.1.7)
    cri (2.15.10)
    csl (1.5.2)
      namae (~> 1.0)
    csl-styles (1.0.1.10)
      csl (~> 1.0)
    ddmemoize (1.0.0)
      ddmetrics (~> 1.0)
      ref (~> 2.0)
    ddmetrics (1.0.1)
    ddplugin (1.0.2)
    diff-lcs (1.4.4)
    em-websocket (0.5.2)
      eventmachine (>= 0.12.9)
      http_parser.rb (~> 0.6.0)
    eventmachine (1.2.7)
    execjs (2.7.0)
    ffi (1.13.1)
    formatador (0.2.5)
    guard (2.16.2)
      formatador (>= 0.2.4)
      listen (>= 2.7, < 4.0)
      lumberjack (>= 1.0.12, < 2.0)
      nenv (~> 0.1)
      notiffany (~> 0.0)
      pry (>= 0.9.12)
      shellany (~> 0.0)
      thor (>= 0.18.1)
    guard-compat (1.2.1)
    guard-livereload (2.5.2)
      em-websocket (~> 0.5)
      guard (~> 2.8)
      guard-compat (~> 1.0)
      multi_json (~> 1.8)
    guard-nanoc (2.1.9)
      guard (~> 2.8)
      guard-compat (~> 1.0)
      nanoc-cli (~> 4.11, >= 4.11.14)
      nanoc-core (~> 4.11, >= 4.11.14)
    guard-rack (2.2.1)
      ffi
      guard (~> 2.3)
      spoon
    hamster (3.0.0)
      concurrent-ruby (~> 1.0)
    http_parser.rb (0.6.0)
    i18n (1.0.1)
      concurrent-ruby (~> 1.0)
    json (2.3.1)
    json_schema (0.20.9)
    katex (0.6.0)
      execjs (~> 2.7)
    kramdown (2.3.0)
      rexml
    kramdown-math-sskatex (1.0.0)
      kramdown (~> 2.0)
      sskatex (>= 0.9.37)
    latex-decode (0.3.2)
    libv8 (3.16.14.19)
    listen (3.2.1)
      rb-fsevent (~> 0.10, >= 0.10.3)
      rb-inotify (~> 0.9, >= 0.9.10)
    lumberjack (1.2.8)
    method_source (1.0.0)
    mini_portile2 (2.4.0)
    multi_json (1.15.0)
    namae (1.0.1)
    nanoc (4.11.19)
      addressable (~> 2.5)
      colored (~> 1.2)
      nanoc-checking (~> 1.0)
      nanoc-cli (= 4.11.19)
      nanoc-core (= 4.11.19)
      nanoc-deploying (~> 1.0)
      parallel (~> 1.12)
      tty-command (~> 0.8)
      tty-which (~> 0.4)
    nanoc-checking (1.0.0)
      nanoc-cli (~> 4.11, >= 4.11.15)
      nanoc-core (~> 4.11, >= 4.11.15)
    nanoc-cli (4.11.19)
      cri (~> 2.15)
      diff-lcs (~> 1.3)
      nanoc-core (= 4.11.19)
      zeitwerk (~> 2.1)
    nanoc-core (4.11.19)
      concurrent-ruby (~> 1.1)
      ddmemoize (~> 1.0)
      ddmetrics (~> 1.0)
      ddplugin (~> 1.0)
      hamster (~> 3.0)
      json_schema (~> 0.19)
      slow_enumerator_tools (~> 1.0)
      tomlrb (~> 1.2)
      tty-platform (~> 0.2)
      zeitwerk (~> 2.1)
    nanoc-deploying (1.0.0)
      nanoc-checking (~> 1.0)
      nanoc-cli (~> 4.11, >= 4.11.15)
      nanoc-core (~> 4.11, >= 4.11.15)
    nenv (0.3.0)
    nokogiri (1.10.10)
      mini_portile2 (~> 2.4.0)
    notiffany (0.1.3)
      nenv (~> 0.1)
      shellany (~> 0.0)
    parallel (1.19.2)
    pastel (0.8.0)
      tty-color (~> 0.5)
    pry (0.13.1)
      coderay (~> 1.1)
      method_source (~> 1.0)
    public_suffix (4.0.6)
    rack (2.2.3)
    rack-livereload (0.3.17)
      rack
    rb-fsevent (0.10.4)
    rb-inotify (0.10.1)
      ffi (~> 1.0)
    rb-readline (0.5.5)
    ref (2.0.0)
    rexml (3.2.4)
    rubypants (0.7.1)
    sass (3.7.4)
      sass-listen (~> 4.0.0)
    sass-listen (4.0.0)
      rb-fsevent (~> 0.9, >= 0.9.4)
      rb-inotify (~> 0.9, >= 0.9.7)
    scholarmarkdown (2.9.0)
      bibmarkdown (~> 2.0.0)
      bibtex-ruby
      citeproc-ruby (>= 1.1.6)
      csl-styles
      execjs
      i18n
      katex
      kramdown-math-sskatex
      latex-decode
      sskatex
      therubyracer
    shellany (0.0.1)
    slow_enumerator_tools (1.1.0)
    spoon (0.0.6)
      ffi
    sskatex (0.9.39)
      execjs (~> 2.7)
    therubyracer (0.12.3)
      libv8 (~> 3.16.14.15)
      ref
    thor (1.0.1)
    tomlrb (1.3.0)
    tty-color (0.5.2)
    tty-command (0.10.0)
      pastel (~> 0.8)
    tty-platform (0.3.0)
    tty-which (0.4.2)
    unicode_utils (1.4.0)
    w3c_validators (1.3.6)
      json (>= 1.8)
      nokogiri (~> 1.6)
      rexml (~> 3.2)
    zeitwerk (2.4.0)

PLATFORMS
  ruby

DEPENDENCIES
  citeproc-ruby (>= 1.1.6)
  csl-styles
  guard-livereload
  guard-nanoc (~> 2.1.2)
  guard-rack
  i18n (< 1.1)
  kramdown
  latex-decode
  nanoc (~> 4.7)
  rack
  rack-livereload
  rb-readline
  rubypants
  sass
  scholarmarkdown
  unicode_utils
  w3c_validators (~> 1.3.1)

BUNDLED WITH
   1.17.2
